GIT
  remote: https://github.com/HomeBusProjects/ruby-homebus
  revision: 400534a58fab1b9537002aa9620e9afc77df8f08
  branch: main
  specs:
    homebus (0.40.0)
      paho-mqtt (~> 1.0.12)

PATH
  remote: .
  specs:
    homebus-sunrise-sunset (0.2.0)

GEM
  remote: https://rubygems.org/
  specs:
    dotenv (2.8.1)
    paho-mqtt (1.0.12)

PLATFORMS
  arm64-darwin-21

DEPENDENCIES
  dotenv
  homebus!
  homebus-sunrise-sunset!

BUNDLED WITH
   2.3.21
